STORAGE: NONE
RESTRICTION: || (== net6.0) (== netstandard2.0) (== netstandard2.1)
NUGET
  remote: https://api.nuget.org/v3/index.json
    Deedle (3.0)
      FSharp.Core (>= 4.5.2)
    DynamicObj (2.0)
      FSharp.Core (>= 6.0.2)
      Newtonsoft.Json (>= 13.0.1)
    FSharp.Core (6.0.6)
    FSharp.Data (5.0.2)
      FSharp.Core (>= 5.0.1)
    Giraffe.ViewEngine (1.4)
      FSharp.Core (>= 5.0)
    Humanizer.Core (2.14.1) - restriction: || (== net6.0) (&& (== netstandard2.0) (>= netstandard2.1)) (== netstandard2.1)
    Microsoft.AspNetCore.Html.Abstractions (2.2) - restriction: || (== net6.0) (&& (== netstandard2.0) (>= netstandard2.1)) (== netstandard2.1)
      System.Text.Encodings.Web (>= 4.5)
    Microsoft.Bcl.AsyncInterfaces (7.0) - restriction: || (== net6.0) (&& (== netstandard2.0) (>= netstandard2.1)) (== netstandard2.1)
    Microsoft.Bcl.HashCode (1.1.1) - restriction: || (== net6.0) (&& (== netstandard2.0) (>= netstandard2.1)) (== netstandard2.1)
    Microsoft.CodeAnalysis (4.5) - restriction: || (== net6.0) (&& (== netstandard2.0) (>= netstandard2.1)) (== netstandard2.1)
      Microsoft.CodeAnalysis.CSharp.Workspaces (4.5)
      Microsoft.CodeAnalysis.VisualBasic.Workspaces (4.5)
    Microsoft.CodeAnalysis.Analyzers (3.3.4) - restriction: || (== net6.0) (&& (== netstandard2.0) (>= netstandard2.1)) (== netstandard2.1)
    Microsoft.CodeAnalysis.Common (4.5) - restriction: || (== net6.0) (&& (== netstandard2.0) (>= netstandard2.1)) (== netstandard2.1)
      Microsoft.CodeAnalysis.Analyzers (>= 3.3.3)
      System.Collections.Immutable (>= 6.0)
      System.Memory (>= 4.5.5) - restriction: || (&& (== net6.0) (< netcoreapp3.1)) (== netstandard2.0) (== netstandard2.1)
      System.Reflection.Metadata (>= 6.0.1)
      System.Runtime.CompilerServices.Unsafe (>= 6.0)
      System.Text.Encoding.CodePages (>= 6.0)
      System.Threading.Tasks.Extensions (>= 4.5.4) - restriction: || (&& (== net6.0) (< netcoreapp3.1)) (== netstandard2.0) (== netstandard2.1)
    Microsoft.CodeAnalysis.CSharp (4.5) - restriction: || (== net6.0) (&& (== netstandard2.0) (>= netstandard2.1)) (== netstandard2.1)
      Microsoft.CodeAnalysis.Common (4.5)
    Microsoft.CodeAnalysis.CSharp.Workspaces (4.5) - restriction: || (== net6.0) (&& (== netstandard2.0) (>= netstandard2.1)) (== netstandard2.1)
      Humanizer.Core (>= 2.14.1)
      Microsoft.CodeAnalysis.Common (4.5)
      Microsoft.CodeAnalysis.CSharp (4.5)
      Microsoft.CodeAnalysis.Workspaces.Common (4.5)
    Microsoft.CodeAnalysis.VisualBasic (4.5) - restriction: || (== net6.0) (&& (== netstandard2.0) (>= netstandard2.1)) (== netstandard2.1)
      Microsoft.CodeAnalysis.Common (4.5)
    Microsoft.CodeAnalysis.VisualBasic.Workspaces (4.5) - restriction: || (== net6.0) (&& (== netstandard2.0) (>= netstandard2.1)) (== netstandard2.1)
      Microsoft.CodeAnalysis.Common (4.5)
      Microsoft.CodeAnalysis.VisualBasic (4.5)
      Microsoft.CodeAnalysis.Workspaces.Common (4.5)
    Microsoft.CodeAnalysis.Workspaces.Common (4.5) - restriction: || (== net6.0) (&& (== netstandard2.0) (>= netstandard2.1)) (== netstandard2.1)
      Humanizer.Core (>= 2.14.1)
      Microsoft.Bcl.AsyncInterfaces (>= 6.0)
      Microsoft.CodeAnalysis.Common (4.5)
      System.Composition (>= 6.0)
      System.IO.Pipelines (>= 6.0.3)
      System.Threading.Channels (>= 6.0)
    Microsoft.CSharp (4.7) - restriction: || (== net6.0) (&& (== netstandard2.0) (>= netstandard2.1)) (== netstandard2.1)
    Microsoft.DotNet.Interactive (1.0.0-beta.23152.2) - restriction: || (== net6.0) (&& (== netstandard2.0) (>= netstandard2.1)) (== netstandard2.1)
      Microsoft.CodeAnalysis (>= 4.4) - restriction: || (== net6.0) (&& (== netstandard2.0) (>= netstandard2.1)) (== netstandard2.1)
      Microsoft.DotNet.Interactive.Documents (1.0.0-beta.23152.2) - restriction: || (== net6.0) (&& (== netstandard2.0) (>= netstandard2.1)) (== netstandard2.1)
      Microsoft.DotNet.Interactive.Formatting (1.0.0-beta.23152.2) - restriction: || (== net6.0) (&& (== netstandard2.0) (>= netstandard2.1)) (== netstandard2.1)
      System.Collections.Immutable (>= 7.0) - restriction: || (== net6.0) (&& (== netstandard2.0) (>= netstandard2.1)) (== netstandard2.1)
      System.CommandLine (>= 2.0.0-beta4.22272.1) - restriction: || (== net6.0) (&& (== netstandard2.0) (>= netstandard2.1)) (== netstandard2.1)
      System.CommandLine.NamingConventionBinder (>= 2.0.0-beta4.22272.1) - restriction: || (== net6.0) (&& (== netstandard2.0) (>= netstandard2.1)) (== netstandard2.1)
      System.Reactive (>= 5.0) - restriction: || (== net6.0) (&& (== netstandard2.0) (>= netstandard2.1)) (== netstandard2.1)
      System.Reflection.Metadata (>= 7.0) - restriction: || (== net6.0) (&& (== netstandard2.0) (>= netstandard2.1)) (== netstandard2.1)
      System.Runtime.Loader (>= 4.3) - restriction: || (== net6.0) (&& (== netstandard2.0) (>= netstandard2.1)) (== netstandard2.1)
      System.Text.Json (>= 7.0) - restriction: || (== net6.0) (&& (== netstandard2.0) (>= netstandard2.1)) (== netstandard2.1)
    Microsoft.DotNet.Interactive.Documents (1.0.0-beta.23152.2) - restriction: || (== net6.0) (&& (== netstandard2.0) (>= netstandard2.1)) (== netstandard2.1)
      Microsoft.Bcl.AsyncInterfaces (>= 7.0)
      Microsoft.Bcl.HashCode (>= 1.1.1)
      System.Collections.Immutable (>= 7.0)
      System.CommandLine (>= 2.0.0-beta4.22272.1)
      System.Text.Json (>= 7.0)
    Microsoft.DotNet.Interactive.Formatting (1.0.0-beta.23152.2) - restriction: || (== net6.0) (&& (== netstandard2.0) (>= netstandard2.1)) (== netstandard2.1)
      Microsoft.AspNetCore.Html.Abstractions (>= 2.2)
      Microsoft.Bcl.AsyncInterfaces (>= 7.0)
      Microsoft.CSharp (>= 4.7)
      System.Memory (>= 4.5.5)
      System.Text.Encodings.Web (>= 7.0)
      System.Text.Json (>= 7.0)
    Microsoft.NETCore.Platforms (7.0) - restriction: || (== net6.0) (&& (== netstandard2.0) (>= netstandard2.1)) (== netstandard2.1)
    Microsoft.NETCore.Targets (5.0) - restriction: || (== net6.0) (&& (== netstandard2.0) (>= netstandard2.1)) (== netstandard2.1)
    Newtonsoft.Json (13.0.2)
    Plotly.NET (4.0)
      DynamicObj (>= 2.0)
      FSharp.Core (>= 6.0.2)
      Giraffe.ViewEngine (>= 1.4)
      Newtonsoft.Json (>= 13.0.1)
    Plotly.NET.Interactive (4.0)
      FSharp.Core (>= 6.0.2) - restriction: || (== net6.0) (&& (== netstandard2.0) (>= netstandard2.1)) (== netstandard2.1)
      Microsoft.DotNet.Interactive (>= 1.0.0-beta.23102.2) - restriction: || (== net6.0) (&& (== netstandard2.0) (>= netstandard2.1)) (== netstandard2.1)
      Microsoft.DotNet.Interactive.Formatting (>= 1.0.0-beta.23102.2) - restriction: || (== net6.0) (&& (== netstandard2.0) (>= netstandard2.1)) (== netstandard2.1)
      Plotly.NET (>= 4.0) - restriction: || (== net6.0) (&& (== netstandard2.0) (>= netstandard2.1)) (== netstandard2.1)
    System.Buffers (4.5.1) - restriction: || (&& (== net6.0) (== netstandard2.0)) (&& (== net6.0) (>= net462)) (&& (== netstandard2.0) (>= netstandard2.1)) (== netstandard2.1)
    System.Collections.Immutable (7.0) - restriction: || (== net6.0) (&& (== netstandard2.0) (>= netstandard2.1)) (== netstandard2.1)
      System.Memory (>= 4.5.5) - restriction: || (&& (== net6.0) (>= net462)) (== netstandard2.0) (== netstandard2.1)
      System.Runtime.CompilerServices.Unsafe (>= 6.0)
    System.CommandLine (2.0.0-beta4.22272.1) - restriction: || (== net6.0) (&& (== netstandard2.0) (>= netstandard2.1)) (== netstandard2.1)
      System.Memory (>= 4.5.4) - restriction: || (== netstandard2.0) (== netstandard2.1)
    System.CommandLine.NamingConventionBinder (2.0.0-beta4.22272.1) - restriction: || (== net6.0) (&& (== netstandard2.0) (>= netstandard2.1)) (== netstandard2.1)
      System.CommandLine (>= 2.0.0-beta4.22272.1)
    System.Composition (7.0) - restriction: || (== net6.0) (&& (== netstandard2.0) (>= netstandard2.1)) (== netstandard2.1)
      System.Composition.AttributedModel (>= 7.0)
      System.Composition.Convention (>= 7.0)
      System.Composition.Hosting (>= 7.0)
      System.Composition.Runtime (>= 7.0)
      System.Composition.TypedParts (>= 7.0)
    System.Composition.AttributedModel (7.0) - restriction: || (== net6.0) (&& (== netstandard2.0) (>= netstandard2.1)) (== netstandard2.1)
    System.Composition.Convention (7.0) - restriction: || (== net6.0) (&& (== netstandard2.0) (>= netstandard2.1)) (== netstandard2.1)
      System.Composition.AttributedModel (>= 7.0)
    System.Composition.Hosting (7.0) - restriction: || (== net6.0) (&& (== netstandard2.0) (>= netstandard2.1)) (== netstandard2.1)
      System.Composition.Runtime (>= 7.0)
    System.Composition.Runtime (7.0) - restriction: || (== net6.0) (&& (== netstandard2.0) (>= netstandard2.1)) (== netstandard2.1)
    System.Composition.TypedParts (7.0) - restriction: || (== net6.0) (&& (== netstandard2.0) (>= netstandard2.1)) (== netstandard2.1)
      System.Composition.AttributedModel (>= 7.0)
      System.Composition.Hosting (>= 7.0)
      System.Composition.Runtime (>= 7.0)
    System.IO (4.3) - restriction: || (== net6.0) (&& (== netstandard2.0) (>= netstandard2.1)) (== netstandard2.1)
      Microsoft.NETCore.Platforms (>= 1.1)
      Microsoft.NETCore.Targets (>= 1.1)
      System.Runtime (>= 4.3)
      System.Text.Encoding (>= 4.3)
      System.Threading.Tasks (>= 4.3)
    System.IO.Pipelines (7.0) - restriction: || (== net6.0) (&& (== netstandard2.0) (>= netstandard2.1)) (== netstandard2.1)
      System.Buffers (>= 4.5.1) - restriction: || (&& (== net6.0) (>= net462)) (== netstandard2.0) (== netstandard2.1)
      System.Memory (>= 4.5.5) - restriction: || (&& (== net6.0) (>= net462)) (== netstandard2.0) (== netstandard2.1)
      System.Threading.Tasks.Extensions (>= 4.5.4) - restriction: || (&& (== net6.0) (>= net462)) (== netstandard2.0) (== netstandard2.1)
    System.Memory (4.5.5) - restriction: || (== net6.0) (&& (== netstandard2.0) (>= netstandard2.1)) (== netstandard2.1)
      System.Buffers (>= 4.5.1) - restriction: || (&& (== net6.0) (>= monotouch)) (&& (== net6.0) (>= net461)) (&& (== net6.0) (< netcoreapp2.0)) (&& (== net6.0) (< netstandard1.1)) (&& (== net6.0) (< netstandard2.0)) (&& (== net6.0) (>= xamarinios)) (&& (== net6.0) (>= xamarinmac)) (&& (== net6.0) (>= xamarintvos)) (&& (== net6.0) (>= xamarinwatchos)) (== netstandard2.0) (== netstandard2.1)
      System.Numerics.Vectors (>= 4.4) - restriction: || (&& (== net6.0) (< netcoreapp2.0)) (== netstandard2.0) (== netstandard2.1)
      System.Runtime.CompilerServices.Unsafe (>= 4.5.3) - restriction: || (&& (== net6.0) (>= monotouch)) (&& (== net6.0) (>= net461)) (&& (== net6.0) (< netcoreapp2.0)) (&& (== net6.0) (< netcoreapp2.1)) (&& (== net6.0) (< netstandard1.1)) (&& (== net6.0) (< netstandard2.0)) (&& (== net6.0) (>= uap10.1)) (&& (== net6.0) (>= xamarinios)) (&& (== net6.0) (>= xamarinmac)) (&& (== net6.0) (>= xamarintvos)) (&& (== net6.0) (>= xamarinwatchos)) (== netstandard2.0) (== netstandard2.1)
    System.Numerics.Vectors (4.5) - restriction: || (&& (== net6.0) (== netstandard2.0)) (&& (== net6.0) (>= net462)) (&& (== netstandard2.0) (>= netstandard2.1)) (== netstandard2.1)
    System.Reactive (5.0) - restriction: || (== net6.0) (&& (== netstandard2.0) (>= netstandard2.1)) (== netstandard2.1)
      System.Runtime.InteropServices.WindowsRuntime (>= 4.3) - restriction: || (&& (== net6.0) (< netcoreapp3.1)) (== netstandard2.0) (== netstandard2.1)
      System.Threading.Tasks.Extensions (>= 4.5.4) - restriction: || (&& (== net6.0) (>= net472)) (&& (== net6.0) (< netcoreapp3.1)) (&& (== net6.0) (>= uap10.1)) (== netstandard2.0) (== netstandard2.1)
    System.Reflection (4.3) - restriction: || (== net6.0) (&& (== netstandard2.0) (>= netstandard2.1)) (== netstandard2.1)
      Microsoft.NETCore.Platforms (>= 1.1)
      Microsoft.NETCore.Targets (>= 1.1)
      System.IO (>= 4.3)
      System.Reflection.Primitives (>= 4.3)
      System.Runtime (>= 4.3)
    System.Reflection.Metadata (7.0) - restriction: || (== net6.0) (&& (== netstandard2.0) (>= netstandard2.1)) (== netstandard2.1)
      System.Collections.Immutable (>= 7.0)
      System.Memory (>= 4.5.5) - restriction: || (&& (== net6.0) (>= net462)) (== netstandard2.0) (== netstandard2.1)
    System.Reflection.Primitives (4.3) - restriction: || (== net6.0) (&& (== netstandard2.0) (>= netstandard2.1)) (== netstandard2.1)
      Microsoft.NETCore.Platforms (>= 1.1)
      Microsoft.NETCore.Targets (>= 1.1)
      System.Runtime (>= 4.3)
    System.Runtime (4.3.1) - restriction: || (== net6.0) (&& (== netstandard2.0) (>= netstandard2.1)) (== netstandard2.1)
      Microsoft.NETCore.Platforms (>= 1.1.1)
      Microsoft.NETCore.Targets (>= 1.1.3)
    System.Runtime.CompilerServices.Unsafe (6.0) - restriction: || (== net6.0) (&& (== netstandard2.0) (>= net6.0)) (&& (== netstandard2.0) (>= netstandard2.1)) (&& (== netstandard2.0) (>= xamarinios)) (&& (== netstandard2.0) (>= xamarinmac)) (== netstandard2.1)
    System.Runtime.InteropServices.WindowsRuntime (4.3) - restriction: || (&& (== net6.0) (== netstandard2.0)) (&& (== net6.0) (< netcoreapp3.1)) (&& (== netstandard2.0) (>= netstandard2.1)) (== netstandard2.1)
      System.Runtime (>= 4.3)
    System.Runtime.Loader (4.3) - restriction: || (== net6.0) (&& (== netstandard2.0) (>= netstandard2.1)) (== netstandard2.1)
      System.IO (>= 4.3)
      System.Reflection (>= 4.3)
      System.Runtime (>= 4.3)
    System.Text.Encoding (4.3) - restriction: || (== net6.0) (&& (== netstandard2.0) (>= netstandard2.1)) (== netstandard2.1)
      Microsoft.NETCore.Platforms (>= 1.1)
      Microsoft.NETCore.Targets (>= 1.1)
      System.Runtime (>= 4.3)
    System.Text.Encoding.CodePages (7.0) - restriction: || (== net6.0) (&& (== netstandard2.0) (>= netstandard2.1)) (== netstandard2.1)
      System.Memory (>= 4.5.5) - restriction: || (&& (== net6.0) (>= net462)) (== netstandard2.0) (== netstandard2.1)
      System.Runtime.CompilerServices.Unsafe (>= 6.0)
    System.Text.Encodings.Web (7.0) - restriction: || (== net6.0) (&& (== netstandard2.0) (>= netstandard2.1)) (== netstandard2.1)
      System.Buffers (>= 4.5.1) - restriction: || (&& (== net6.0) (>= net462)) (== netstandard2.0) (== netstandard2.1)
      System.Memory (>= 4.5.5) - restriction: || (&& (== net6.0) (>= net462)) (== netstandard2.0) (== netstandard2.1)
      System.Runtime.CompilerServices.Unsafe (>= 6.0)
    System.Text.Json (7.0.2) - restriction: || (== net6.0) (&& (== netstandard2.0) (>= netstandard2.1)) (== netstandard2.1)
      Microsoft.Bcl.AsyncInterfaces (>= 7.0) - restriction: || (&& (== net6.0) (>= net462)) (== netstandard2.0) (== netstandard2.1)
      System.Buffers (>= 4.5.1) - restriction: || (&& (== net6.0) (>= net462)) (== netstandard2.0) (== netstandard2.1)
      System.Memory (>= 4.5.5) - restriction: || (&& (== net6.0) (>= net462)) (== netstandard2.0) (== netstandard2.1)
      System.Numerics.Vectors (>= 4.5) - restriction: || (&& (== net6.0) (>= net462)) (== netstandard2.0) (== netstandard2.1)
      System.Runtime.CompilerServices.Unsafe (>= 6.0)
      System.Text.Encodings.Web (>= 7.0)
      System.Threading.Tasks.Extensions (>= 4.5.4) - restriction: || (&& (== net6.0) (>= net462)) (== netstandard2.0) (== netstandard2.1)
    System.Threading.Channels (7.0) - restriction: || (== net6.0) (&& (== netstandard2.0) (>= netstandard2.1)) (== netstandard2.1)
    System.Threading.Tasks (4.3) - restriction: || (== net6.0) (&& (== netstandard2.0) (>= netstandard2.1)) (== netstandard2.1)
      Microsoft.NETCore.Platforms (>= 1.1)
      Microsoft.NETCore.Targets (>= 1.1)
      System.Runtime (>= 4.3)
    System.Threading.Tasks.Extensions (4.5.4) - restriction: || (&& (== net6.0) (== netstandard2.0)) (&& (== net6.0) (>= net462)) (&& (== netstandard2.0) (>= netstandard2.1)) (== netstandard2.1)
      System.Runtime.CompilerServices.Unsafe (>= 4.5.3) - restriction: || (&& (== net6.0) (>= net461)) (&& (== net6.0) (< netcoreapp2.1)) (&& (== net6.0) (< netstandard1.0)) (&& (== net6.0) (< netstandard2.0)) (&& (== net6.0) (>= wp8)) (== netstandard2.0) (== netstandard2.1)
    XPlot.Plotly (4.0.6)
      FSharp.Core (>= 4.7.2)
      Newtonsoft.Json (>= 12.0.3)
